GEM
  remote: https://rubygems.org/
  specs:
    byebug (10.0.2)
    mini_portile2 (2.1.0)
    nokogiri (1.6.8.1)
      mini_portile2 (~> 2.1.0)
    solve_pb (0.1.3)

PLATFORMS
  ruby

DEPENDENCIES
  byebug
  nokogiri (~> 1.6.7)
  solve_pb

BUNDLED WITH
   1.16.2
